GEM
  remote: http://rubygems.org/
  specs:
    actionmailer (2.3.5)
      actionpack (= 2.3.5)
    actionpack (2.3.5)
      activesupport (= 2.3.5)
      rack (~> 1.0.0)
    activerecord (2.3.5)
      activesupport (= 2.3.5)
    activeresource (2.3.5)
      activesupport (= 2.3.5)
    activesupport (2.3.5)
    acts_as_taggable_on_steroids (1.1)
    configuration (1.1.0)
    daemons (1.1.0)
    delayed_job (2.0.3)
      daemons
    eventmachine (0.12.10)
    fastthread (1.0.7)
    gem_plugin (0.2.3)
    heroku (1.11.0)
      json_pure (>= 1.2.0, < 1.5.0)
      launchy (~> 0.3.2)
      rest-client (>= 1.4.0, < 1.7.0)
    httpauth (0.1)
    jasmine (0.10.3.1)
      json (>= 1.1.9)
      rack (>= 1.0.0)
      rspec (>= 1.1.5)
      selenium-client (>= 1.2.17)
      selenium-rc (>= 2.1.0)
      thin (>= 1.2.4)
    json (1.4.6)
    json_pure (1.4.6)
    launchy (0.3.7)
      configuration (>= 0.0.5)
      rake (>= 0.8.1)
    linecache (0.43)
    mime-types (1.16)
    mongrel (1.1.5.1)
      daemons (>= 1.0.3)
      gem_plugin (>= 0.2.3)
    mongrel_cluster (1.0.5)
      gem_plugin (>= 0.2.3)
      mongrel (>= 1.0.2)
    mysql (2.8.1)
    nokogiri (1.4.2)
    pg (0.9.0)
    rack (1.0.1)
    rails (2.3.5)
      actionmailer (= 2.3.5)
      actionpack (= 2.3.5)
      activerecord (= 2.3.5)
      activeresource (= 2.3.5)
      activesupport (= 2.3.5)
      rake (>= 0.8.3)
    rake (0.8.7)
    rest-client (1.6.1)
      mime-types (>= 1.16)
    rspec (1.3.0)
    rspec-rails (1.3.2)
      rack (>= 1.0.0)
      rspec (>= 1.3.0)
    ruby-debug-base (0.10.3)
      linecache (>= 0.3)
    ruby-debug-ide (0.4.10)
      rake (>= 0.8.1)
    ruby-openid (2.1.8)
    ruby-openid-apps-discovery (1.2.0)
      ruby-openid (>= 2.1.7)
    selenium-client (1.2.18)
    selenium-rc (2.2.4)
      selenium-client (>= 1.2.18)
    sqlite3-ruby (1.3.2)
    thin (1.2.7)
      daemons (>= 1.0.9)
      eventmachine (>= 0.12.6)
      rack (>= 1.0.0)

PLATFORMS
  ruby

DEPENDENCIES
  acts_as_taggable_on_steroids (= 1.1)
  bundler (~> 1.0.0)
  delayed_job (= 2.0.3)
  fastthread (= 1.0.7)
  gem_plugin (= 0.2.3)
  heroku (= 1.11.0)
  httpauth (= 0.1)
  jasmine (= 0.10.3.1)
  mime-types (= 1.16)
  mongrel (>= 1.1.5)
  mongrel_cluster (= 1.0.5)
  mysql (>= 2.8.0)
  nokogiri (= 1.4.2)
  pg (= 0.9.0)
  rack (= 1.0.1)
  rails (= 2.3.5)
  rake (= 0.8.7)
  rspec (= 1.3.0)
  rspec-rails (= 1.3.2)
  ruby-debug-base
  ruby-debug-ide
  ruby-openid (= 2.1.8)
  ruby-openid-apps-discovery (= 1.2.0)
  sqlite3-ruby
