GEM
  remote: http://rubygems.org/
  specs:
    actionmailer (2.3.10)
      actionpack (= 2.3.10)
    actionpack (2.3.10)
      activesupport (= 2.3.10)
      rack (~> 1.1.0)
    activerecord (2.3.10)
      activesupport (= 2.3.10)
    activeresource (2.3.10)
      activesupport (= 2.3.10)
    activesupport (2.3.10)
    acts_as_taggable_on_steroids (1.2)
    configuration (1.2.0)
    daemons (1.0.10)
    delayed_job (2.0.4)
      daemons
    fastthread (1.0.7)
    gem_plugin (0.2.3)
    heroku (1.14.0)
      json_pure (>= 1.2.0, < 1.5.0)
      launchy (~> 0.3.2)
      rest-client (>= 1.4.0, < 1.7.0)
    httpauth (0.1)
    jasmine (1.0.1.1)
      json_pure (>= 1.4.3)
      rack (>= 1.0.0)
      rake (>= 0.8.7)
      rspec (>= 1.1.5)
      selenium-client (>= 1.2.17)
      selenium-rc (>= 2.1.0)
    json_pure (1.4.6)
    launchy (0.3.7)
      configuration (>= 0.0.5)
      rake (>= 0.8.1)
    linecache (0.43)
    mime-types (1.16)
    mongrel (1.2.0.pre2)
      daemons (~> 1.0.10)
      gem_plugin (~> 0.2.3)
    mongrel_cluster (1.0.5)
      gem_plugin (>= 0.2.3)
      mongrel (>= 1.0.2)
    mysql (2.8.1)
    nokogiri (1.4.4)
    pg (0.9.0)
    rack (1.1.0)
    rails (2.3.10)
      actionmailer (= 2.3.10)
      actionpack (= 2.3.10)
      activerecord (= 2.3.10)
      activeresource (= 2.3.10)
      activesupport (= 2.3.10)
      rake (>= 0.8.3)
    rake (0.8.7)
    rest-client (1.6.1)
      mime-types (>= 1.16)
    rspec (1.3.1)
    rspec-rails (1.3.3)
      rack (>= 1.0.0)
      rspec (= 1.3.1)
    ruby-debug-base (0.10.4)
      linecache (>= 0.3)
    ruby-debug-ide (0.4.11)
      rake (>= 0.8.1)
    ruby-openid (2.1.8)
    ruby-openid-apps-discovery (1.2.0)
      ruby-openid (>= 2.1.7)
    selenium-client (1.2.18)
    selenium-rc (2.2.4)
      selenium-client (>= 1.2.18)
    sqlite3-ruby (1.3.2)

PLATFORMS
  ruby

DEPENDENCIES
  acts_as_taggable_on_steroids
  bundler
  delayed_job
  fastthread
  gem_plugin
  heroku
  httpauth
  jasmine
  mime-types
  mongrel (~> 1.2.0.pre2)
  mongrel_cluster
  mysql
  nokogiri
  pg
  rails (~> 2.3.10)
  rake
  rspec (~> 1.3.0)
  rspec-rails (~> 1.3.2)
  ruby-debug-base
  ruby-debug-ide
  ruby-openid
  ruby-openid-apps-discovery
  sqlite3-ruby
